GEM
  remote: https://rubygems.org/
  specs:
    gon-sinatra (0.1.2)
      sinatra
    haml (5.0.4)
      temple (>= 0.8.0)
      tilt
    mustermann (1.0.2)
    rack (2.0.4)
    rack-protection (2.0.1)
      rack
    rake (12.3.0)
    sinatra (2.0.1)
      mustermann (~> 1.0)
      rack (~> 2.0)
      rack-protection (= 2.0.1)
      tilt (~> 2.0)
    temple (0.8.0)
    tilt (2.0.8)

PLATFORMS
  x64-mingw32

DEPENDENCIES
  gon-sinatra
  haml
  rake
  sinatra

BUNDLED WITH
   1.16.1
